PATH
  remote: .
  specs:
    closeio (1.0.4)
      crack (>= 0.1.8)
      httparty (>= 0.11.0)

GEM
  remote: https://rubygems.org/
  specs:
    crack (0.4.2)
      safe_yaml (~> 1.0.0)
    httparty (0.13.3)
      json (~> 1.8)
      multi_xml (>= 0.5.2)
    json (1.8.2)
    multi_xml (0.5.5)
    rake (10.1.0)
    safe_yaml (1.0.4)
    test-unit (2.5.5)

PLATFORMS
  ruby

DEPENDENCIES
  bundler (~> 1.3)
  closeio!
  rake
  test-unit
