PATH
  remote: .
  specs:
    closeio (2.5.0)
      faraday
      faraday_middleware
      faraday_middleware-parse_json_object
      json

GEM
  remote: https://rubygems.org/
  specs:
    addressable (2.4.0)
    crack (0.4.3)
      safe_yaml (~> 1.0.0)
    faraday (0.9.2)
      multipart-post (>= 1.2, < 3)
    faraday_middleware (0.9.2)
      faraday (>= 0.7.4, < 0.10)
    faraday_middleware-parse_json_object (0.1.0)
      faraday (~> 0.9.2)
      faraday_middleware (~> 0.9.2)
    hashdiff (0.3.0)
    json (2.0.2)
    minitest (5.9.1)
    multipart-post (2.0.0)
    rake (11.3.0)
    safe_yaml (1.0.4)
    vcr (3.0.3)
    webmock (2.1.0)
      addressable (>= 2.3.6)
      crack (>= 0.3.2)
      hashdiff

PLATFORMS
  ruby

DEPENDENCIES
  bundler
  closeio!
  minitest
  rake
  vcr
  webmock

BUNDLED WITH
   1.10.6
